NUGET
  remote: https://www.nuget.org/api/v2
    FAKE (4.62.1)
    Microsoft.Bcl (1.1.10) - framework: net10, net11, net20, net30, net35, net40, net40-full
      Microsoft.Bcl.Build (>= 1.0.14)
    Microsoft.Bcl.Build (1.0.21) - import_targets: false, framework: net10, net11, net20, net30, net35, net40, net40-full
    Microsoft.Net.Http (2.2.29) - framework: net10, net11, net20, net30, net35, net40, net40-full
      Microsoft.Bcl (>= 1.1.10)
      Microsoft.Bcl.Build (>= 1.0.14)
    Node.js (5.3)
    Npm.js (2.13.1)
      Node.js (>= 0.12.7)
    Octokit (0.24)
      Microsoft.Net.Http  - framework: net10, net11, net20, net30, net35, net40, net40-full
GIT
  remote: https://github.com/ionide/ionide-vscode-helpers.git
     (6e8ce2b8385bc78b070972aa603990ce6dcae361)
      build: build.cmd
  remote: https://github.com/ionide/ionide-fsgrammar.git
     (246a26e19f1649b4ad10f2b7f7875a96d233f641)
GITHUB
  remote: fsharp/FAKE
    modules/Octokit/Octokit.fsx (09b5bc7ac1602dc3c3d55eeaee185363209b73cf)
      Octokit (>= 0.20)
  remote: Ionide/ionide-vscode-helpers
    Fable.Import.VSCode.fs (6e8ce2b8385bc78b070972aa603990ce6dcae361)
    Helpers.fs (6e8ce2b8385bc78b070972aa603990ce6dcae361)