NUGET
  remote: https://www.nuget.org/api/v2
    FAKE (4.50)
    Microsoft.Bcl (1.1.10) - framework: net10, net11, net20, net30, net35, net40, net40-full
      Microsoft.Bcl.Build (>= 1.0.14)
    Microsoft.Bcl.Build (1.0.21) - import_targets: false, framework: net10, net11, net20, net30, net35, net40, net40-full
    Microsoft.Net.Http (2.2.29) - framework: net10, net11, net20, net30, net35, net40, net40-full
      Microsoft.Bcl (>= 1.1.10)
      Microsoft.Bcl.Build (>= 1.0.14)
    Node.js (5.3)
    Npm.js (2.13.1)
      Node.js (>= 0.12.7)
    Octokit (0.24)
      Microsoft.Net.Http  - framework: net10, net11, net20, net30, net35, net40, net40-full
GIT
  remote: https://github.com/ionide/ionide-vscode-helpers.git
     (4e6b3d67e3976202c4e0a991937295a23ae376d1)
      build: build.cmd
  remote: https://github.com/ionide/ionide-fsgrammar.git
     (16d4cc8cb0224d8861a7b48107ac102e3f51579a)
GITHUB
  remote: fsharp/FAKE
    modules/Octokit/Octokit.fsx (82bf328cc145d8843e43ac2075c97a0990efc0ca)
      Octokit (>= 0.20)
  remote: Ionide/ionide-vscode-helpers
    Fable.Import.VSCode.fs (4e6b3d67e3976202c4e0a991937295a23ae376d1)
    Helpers.fs (4e6b3d67e3976202c4e0a991937295a23ae376d1)