NUGET
  remote: https://www.nuget.org/api/v2
    FAKE (4.41.8)
    Microsoft.Bcl (1.1.10) - framework: net10, net11, net20, net30, net35, net40, net40-full
      Microsoft.Bcl.Build (>= 1.0.14)
    Microsoft.Bcl.Build (1.0.21) - import_targets: false, framework: net10, net11, net20, net30, net35, net40, net40-full
    Microsoft.Net.Http (2.2.29) - framework: net10, net11, net20, net30, net35, net40, net40-full
      Microsoft.Bcl (>= 1.1.10)
      Microsoft.Bcl.Build (>= 1.0.14)
    Node.js (5.3)
    Npm.js (2.13.1)
      Node.js (>= 0.12.7)
    Octokit (0.23)
      Microsoft.Net.Http  - framework: net10, net11, net20, net30, net35, net40, net40-full
GIT
  remote: git@github.com:ionide/ionide-vscode-helpers.git
     (7bad9b1085f6348df587792e037fd5b0a55a5432)
      build: build.cmd
  remote: git@github.com:ionide/ionide-fsgrammar.git
     (dd4f7025fc7a60f841ee30909873444147f766d4)
GITHUB
  remote: fsharp/FAKE
    modules/Octokit/Octokit.fsx (4e4428bfe931a5f720e32f9d69289d25eb16d467)
      Octokit (>= 0.20)
  remote: Ionide/ionide-vscode-helpers
    Fable.Import.VSCode.fs (7bad9b1085f6348df587792e037fd5b0a55a5432)
    Helpers.fs (7bad9b1085f6348df587792e037fd5b0a55a5432)